GEM
  remote: https://gems.salsify.com/
  specs:
    dotenv (2.2.1)

PLATFORMS
  ruby

DEPENDENCIES
  dotenv

RUBY VERSION
   ruby 2.5.1p57

BUNDLED WITH
   1.16.4
